GEM
  remote: https://rubygems.org/
  specs:
    addressable (2.9.0)
      public_suffix (>= 2.0.2, < 6.0)
    concurrent-ruby (1.2.3)
    jekyll (4.4.0)
      addressable (~> 2.5)
      bundler (>= 1.15.0)
      concurrent-ruby (~> 1.0)
      em-websocket (~> 0.5)
      jekyll-sass-converter (~> 2.0)
      liquid (~> 4.0)
      rouge (~> 3.0)
      safe_yaml (~> 1.0)
    jekyll-seo-tag (2.8.0)
      jekyll (>= 3.0)
    jekyll-sitemap (1.4.0)
      jekyll (>= 3.0)
    jekyll-sass-converter (2.3.0)
      sassc (>= 2.0)
    kramdown (2.4.1)
    kramdown-parser-gfm (1.1.0)
      kramdown (>= 2.0)
    liquid (4.0.3)
    minima (2.5.2)
      jekyll (>= 3.0)
    public_suffix (4.0.7)
    rouge (3.26.0)
    safe_yaml (1.0.5)
    sassc (2.4.0)

PLATFORMS
  ruby

DEPENDENCIES
  jekyll (~> 4.4)
  jekyll-seo-tag (~> 2.8)
  jekyll-sitemap (~> 1.4)
  minima (~> 2.5)

BUNDLED WITH
   2.3.26
